PATH
  remote: .
  specs:
    nanakshahi (0.1.1)
      i18n (~> 1.8, >= 1.8.1)

GEM
  remote: https://rubygems.org/
  specs:
    concurrent-ruby (1.1.6)
    i18n (1.8.2)
      concurrent-ruby (~> 1.0)
    minitest (5.14.0)
    rake (13.0.1)

PLATFORMS
  ruby

DEPENDENCIES
  bundler (~> 2.1)
  minitest (~> 5.14)
  nanakshahi!
  rake (~> 13.0)

BUNDLED WITH
   1.17.2
