PATH
  remote: .
  specs:
    nanakshahi (0.1.1)
      i18n (~> 1.1, >= 1.1.4)

GEM
  remote: https://rubygems.org/
  specs:
    concurrent-ruby (1.1.4)
    i18n (1.5.1)
      concurrent-ruby (~> 1.0)
    minitest (5.11.3)
    rake (10.5.0)

PLATFORMS
  ruby

DEPENDENCIES
  bundler (~> 1.17)
  minitest (~> 5.0)
  nanakshahi!
  rake (~> 10.0)

BUNDLED WITH
   1.17.2
